GEM
  remote: https://rubygems.org/
  specs:
    jekyll-gist (1.3.4)
    jekyll-paginate (1.1.0)

PLATFORMS
  x64-mingw32

DEPENDENCIES
  jekyll-gist
  jekyll-paginate

BUNDLED WITH
   1.10.6
